{
    "Modality": "MR",
    "MagneticFieldStrength": 3,
    "ImagingFrequency": 123.22,
    "Manufacturer": "Siemens",
    "ManufacturersModelName": "TrioTim",
    "InstitutionName": "Neuroscience_Studies_03960A",
    "InstitutionalDepartmentName": "Department",
    "InstitutionAddress": "Botterall_Hall_234_Kingston_Ontario_CA_K7L3N6",
    "DeviceSerialNumber": "35109",
    "StationName": "MRC35109",
    "PatientPosition": "HFS",
    "ProcedureStepDescription": "Dr_Gallivan_fMRI",
    "SoftwareVersions": "syngo_MR_B19",
    "MRAcquisitionType": "3D",
    "SeriesDescription": "T2_SPACE_3D",
    "ProtocolName": "T2_SPACE_3D",
    "ScanningSequence": "SE",
    "SequenceVariant": "SK_SP_OSP",
    "ScanOptions": "PFP",
    "SequenceName": "_spc3d1_378ns",
    "ImageType": [
        "ORIGINAL",
        "PRIMARY",
        "M",
        "ND",
        "NORM"
    ],
    "SeriesNumber": 5,
    "AcquisitionTime": "13:04:17.190000",
    "AcquisitionNumber": 1,
    "SliceThickness": 0.7,
    "SAR": 0.239175,
    "EchoTime": 0.566,
    "RepetitionTime": 3.2,
    "FlipAngle": 120,
    "PartialFourier": 1,
    "BaseResolution": 320,
    "ShimSetting": [
        5483,
        9922,
        -402,
        766,
        95,
        -506,
        283,
        40
    ],
    "TxRefAmp": 332.539,
    "PhaseResolution": 1.00568,
    "PhaseOversampling": 0.1,
    "ReceiveCoilName": "32Ch_Head",
    "CoilString": "C:HEA;HEP",
    "PulseSequenceDetails": "%SiemensSeq%_tse_vfl",
    "RefLinesPE": 24,
    "PercentPhaseFOV": 100,
    "EchoTrainLength": 189,
    "PhaseEncodingSteps": 312,
    "AcquisitionMatrixPE": 322,
    "ReconMatrixPE": 320,
    "ParallelReductionFactorInPlane": 2,
    "PixelBandwidth": 744,
    "DwellTime": 2.1e-06,
    "ImageOrientationPatientDICOM": [
        0,
        1,
        0,
        0,
        0,
        -1
    ],
    "InPlanePhaseEncodingDirectionDICOM": "ROW",
    "ConversionSoftware": "dcm2niix",
    "ConversionSoftwareVersion": "v1.0.20190720  GCC7.3.0",
    "Dcm2bidsVersion": "2.1.4"
}