{
    "Modality": "MR",
    "MagneticFieldStrength": 3,
    "ImagingFrequency": 123.22,
    "Manufacturer": "Siemens",
    "ManufacturersModelName": "TrioTim",
    "InstitutionName": "Queens_University",
    "InstitutionalDepartmentName": "Department",
    "InstitutionAddress": "Botterall_Hall_234_Kingston_Ontario_CA_K7L3N6",
    "DeviceSerialNumber": "35109",
    "StationName": "MRC35109",
    "PatientPosition": "HFS",
    "ProcedureStepDescription": "Dr_Gallivan_fMRI",
    "SoftwareVersions": "syngo_MR_B19",
    "MRAcquisitionType": "3D",
    "SeriesDescription": "T1w_HCP",
    "ProtocolName": "T1w_HCP",
    "ScanningSequence": "GR_IR",
    "SequenceVariant": "SP_MP_OSP",
    "ScanOptions": "IR",
    "SequenceName": "_tfl3d1_ns",
    "ImageType": [
        "ORIGINAL",
        "PRIMARY",
        "M",
        "ND",
        "NORM"
    ],
    "SeriesNumber": 3,
    "AcquisitionTime": "14:25:45.990000",
    "AcquisitionNumber": 1,
    "SliceThickness": 0.7,
    "SAR": 0.113918,
    "EchoTime": 0.00213,
    "RepetitionTime": 2.4,
    "InversionTime": 1,
    "FlipAngle": 8,
    "PartialFourier": 1,
    "BaseResolution": 320,
    "ShimSetting": [
        5443,
        10109,
        -831,
        393,
        82,
        -25,
        -12,
        34
    ],
    "TxRefAmp": 318.091,
    "PhaseResolution": 1,
    "PhaseOversampling": 0.1,
    "ReceiveCoilName": "32Ch_Head",
    "CoilString": "C:HEA;HEP",
    "PulseSequenceDetails": "%SiemensSeq%_tfl",
    "RefLinesPE": 24,
    "PercentPhaseFOV": 100,
    "PhaseEncodingSteps": 351,
    "AcquisitionMatrixPE": 320,
    "ReconMatrixPE": 320,
    "ParallelReductionFactorInPlane": 2,
    "PixelBandwidth": 240,
    "DwellTime": 6.5e-06,
    "ImageOrientationPatientDICOM": [
        0,
        1,
        0,
        0,
        0,
        -1
    ],
    "InPlanePhaseEncodingDirectionDICOM": "ROW",
    "ConversionSoftware": "dcm2niix",
    "ConversionSoftwareVersion": "v1.0.20190720  GCC7.3.0",
    "Dcm2bidsVersion": "2.1.4"
}