{
    "Modality": "MR",
    "MagneticFieldStrength": 3,
    "ImagingFrequency": 123.22,
    "Manufacturer": "Siemens",
    "ManufacturersModelName": "TrioTim",
    "InstitutionName": "Neuroscience_Studies_03960A",
    "InstitutionalDepartmentName": "Department",
    "InstitutionAddress": "Botterall_Hall_234_Kingston_Ontario_CA_K7L3N6",
    "DeviceSerialNumber": "35109",
    "StationName": "MRC35109",
    "PatientPosition": "HFS",
    "ProcedureStepDescription": "Dr_Gallivan_fMRI",
    "SoftwareVersions": "syngo_MR_B19",
    "MRAcquisitionType": "2D",
    "SeriesDescription": "MoCoSeries",
    "ProtocolName": "RIGHT_HAND_LEARNING_ep2d_moco_35_TR2000_MoCo",
    "ScanningSequence": "EP",
    "SequenceVariant": "SK",
    "ScanOptions": "FS",
    "SequenceName": "_epfid2d1_80",
    "ImageType": [
        "ORIGINAL",
        "PRIMARY",
        "M",
        "ND",
        "MOCO",
        "MOSAIC"
    ],
    "SeriesNumber": 11,
    "AcquisitionTime": "13:27:49.785000",
    "AcquisitionNumber": 1,
    "ImageComments": "Reference_volume_for_motion_correction.",
    "SliceThickness": 4,
    "SpacingBetweenSlices": 4,
    "SAR": 0.190723,
    "EchoTime": 0.03,
    "RepetitionTime": 2,
    "FlipAngle": 90,
    "PartialFourier": 1,
    "BaseResolution": 80,
    "ShimSetting": [
        5480,
        9939,
        -370,
        909,
        79,
        -446,
        263,
        48
    ],
    "TxRefAmp": 332.539,
    "PhaseResolution": 1,
    "ReceiveCoilName": "32Ch_Head",
    "CoilString": "C:HEA;HEP",
    "PulseSequenceDetails": "%SiemensSeq%_ep2d_bold",
    "RefLinesPE": 24,
    "PercentPhaseFOV": 100,
    "PhaseEncodingSteps": 79,
    "AcquisitionMatrixPE": 80,
    "ReconMatrixPE": 80,
    "BandwidthPerPixelPhaseEncode": 43.103,
    "ParallelReductionFactorInPlane": 2,
    "EffectiveEchoSpacing": 0.000290003,
    "DerivedVendorReportedEchoSpacing": 0.000580006,
    "TotalReadoutTime": 0.0229102,
    "PixelBandwidth": 2016,
    "DwellTime": 3.1e-06,
    "PhaseEncodingDirection": "j-",
    "SliceTiming": [
        0,
        1.0325,
        0.0575,
        1.09,
        0.115,
        1.1475,
        0.1725,
        1.205,
        0.23,
        1.2625,
        0.2875,
        1.32,
        0.345,
        1.3775,
        0.4025,
        1.435,
        0.46,
        1.4925,
        0.5175,
        1.55,
        0.5725,
        1.605,
        0.63,
        1.6625,
        0.6875,
        1.72,
        0.745,
        1.7775,
        0.8025,
        1.835,
        0.86,
        1.8925,
        0.9175,
        1.95,
        0.975
    ],
    "ImageOrientationPatientDICOM": [
        1,
        -7.73538e-06,
        -2.6163e-05,
        -6.1586e-08,
        0.958321,
        -0.285692
    ],
    "InPlanePhaseEncodingDirectionDICOM": "COL",
    "ConversionSoftware": "dcm2niix",
    "ConversionSoftwareVersion": "v1.0.20190720  GCC7.3.0",
    "Dcm2bidsVersion": "2.1.4"
}